GEM
  remote: http://rubygems.org/
  specs:
    adsf (1.0.1)
      rack (>= 1.0.0)
    cri (1.0.1)
    kramdown (2.3.0)
      rexml
    mime-types (1.16)
    nanoc (3.1.6)
      nanoc3 (>= 3.1.6)
    nanoc3 (3.1.6)
      cri (>= 1.0.0)
    nokogiri (1.4.4)
    pygmentize (0.0.3)
    rack (1.2.2)
    rake (0.9.2.2)
    rexml (3.2.4)
    yajl-ruby (0.8.2)

PLATFORMS
  ruby

DEPENDENCIES
  adsf
  kramdown (~> 2.3.0)
  mime-types (~> 1.16)
  nanoc (~> 3.1.6)
  nokogiri (~> 1.4.4)
  pygmentize (~> 0.0.3)
  rake (~> 0.9.2)
  yajl-ruby (~> 0.8.2)
